GEM
  specs:
    activesupport (3.2.18)
      i18n (~> 0.6, >= 0.6.4)
      multi_json (~> 1.0)
    diff-lcs (1.2.5)
    i18n (0.6.9)
    multi_json (1.10.1)
    rake (10.3.2)
    rspec (2.99.0)
      rspec-core (~> 2.99.0)
      rspec-expectations (~> 2.99.0)
      rspec-mocks (~> 2.99.0)
    rspec-core (2.99.0)
    rspec-expectations (2.99.0)
      diff-lcs (>= 1.1.3, < 2.0)
    rspec-mocks (2.99.1)
    simple_gem (3.0.0)
      activesupport (> 3.0)
      rake (>= 0.8.7)
      rspec (~> 2.14)

PLATFORMS
  ruby

DEPENDENCIES
  activesupport (~> 3.0)
  rspec (~> 2.8)
  simple_gem
